PATH
  remote: .
  specs:
    pagarme_client (1.2.5)
      active_interaction (~> 4.0)
      faraday (~> 2.0)

GEM
  remote: https://rubygems.org/
  specs:
    active_interaction (4.1.0)
      activemodel (>= 5, < 8)
      activesupport (>= 5, < 8)
    activemodel (7.0.3)
      activesupport (= 7.0.3)
    activesupport (7.0.3)
      concurrent-ruby (~> 1.0, >= 1.0.2)
      i18n (>= 1.6, < 2)
      minitest (>= 5.1)
      tzinfo (~> 2.0)
    addressable (2.7.0)
      public_suffix (>= 2.0.2, < 5.0)
    concurrent-ruby (1.1.10)
    crack (0.4.5)
      rexml
    diff-lcs (1.4.4)
    faraday (2.3.0)
      faraday-net_http (~> 2.0)
      ruby2_keywords (>= 0.0.4)
    faraday-net_http (2.0.3)
    hashdiff (1.0.1)
    i18n (1.10.0)
      concurrent-ruby (~> 1.0)
    minitest (5.16.2)
    public_suffix (4.0.6)
    rake (12.3.3)
    rexml (3.2.4)
    rspec (3.10.0)
      rspec-core (~> 3.10.0)
      rspec-expectations (~> 3.10.0)
      rspec-mocks (~> 3.10.0)
    rspec-core (3.10.1)
      rspec-support (~> 3.10.0)
    rspec-expectations (3.10.1)
      diff-lcs (>= 1.2.0, < 2.0)
      rspec-support (~> 3.10.0)
    rspec-mocks (3.10.1)
      diff-lcs (>= 1.2.0, < 2.0)
      rspec-support (~> 3.10.0)
    rspec-support (3.10.1)
    ruby2_keywords (0.0.5)
    tzinfo (2.0.4)
      concurrent-ruby (~> 1.0)
    vcr (5.1.0)
    webmock (3.11.1)
      addressable (>= 2.3.6)
      crack (>= 0.3.2)
      hashdiff (>= 0.4.0, < 2.0.0)

PLATFORMS
  ruby

DEPENDENCIES
  bundler (~> 2.0)
  pagarme_client!
  rake (~> 12.3.3)
  rspec (~> 3.7)
  vcr (~> 5.1)
  webmock (~> 3.8)

BUNDLED WITH
   2.3.7
